GEM
  remote: https://rubygems.org/
  specs:
    addressable (2.5.1)
      public_suffix (~> 2.0, >= 2.0.2)
    cinch (2.3.3)
    cinch-identify (1.7.0)
      cinch (~> 2.0)
    dentaku (2.0.10)
    excon (0.55.0)
    heroku (3.99.1)
      heroku-api (= 0.4.2)
      launchy (= 2.4.3)
      multi_json (= 1.11.2)
      net-ssh (= 2.9.2)
      net-ssh-gateway (= 1.2.0)
      netrc (= 0.10.3)
      rest-client (= 1.6.8)
      rubyzip (= 1.1.7)
    heroku-api (0.4.2)
      excon (~> 0.45)
      multi_json (~> 1.8)
    json (2.1.0)
    launchy (2.4.3)
      addressable (~> 2.3)
    mime-types (1.25.1)
    multi_json (1.11.2)
    net-ssh (2.9.2)
    net-ssh-gateway (1.2.0)
      net-ssh (>= 2.6.5)
    netrc (0.10.3)
    pg (0.20.0)
    public_suffix (2.0.5)
    rdoc (5.1.0)
    rest-client (1.6.8)
      mime-types (~> 1.16)
      rdoc (>= 2.4.2)
    rubyzip (1.1.7)
    sequel (4.46.0)

PLATFORMS
  ruby

DEPENDENCIES
  cinch
  cinch-identify
  dentaku
  heroku
  json
  pg
  sequel

RUBY VERSION
   ruby 2.3.4p301

BUNDLED WITH
   1.14.6
